PATH
  remote: .
  specs:
    borahm_cho_palindrome (0.3.0)

GEM
  remote: https://rubygems.org/
  specs:
    ansi (1.5.0)
    builder (3.2.4)
    minitest (5.14.2)
    minitest-reporters (1.2.0)
      ansi
      builder
      minitest (>= 5.0)
      ruby-progressbar
    rake (12.3.2)
    ruby-progressbar (1.10.1)

PLATFORMS
  ruby

DEPENDENCIES
  borahm_cho_palindrome!
  bundler (~> 2.1.4)
  minitest (~> 5.0)
  minitest-reporters (= 1.2.0)
  rake (~> 12.3.2)

BUNDLED WITH
   2.1.4
